GEM
  remote: https://rubygems.org/
  specs:
    json (2.6.3)
    mustermann (3.0.0)
      ruby2_keywords (~> 0.0.1)
    nio4r (2.5.8)
    openssl (3.1.0)
    puma (6.1.0)
      nio4r (~> 2.0)
    rack (2.2.6.2)
    rack-protection (3.0.5)
      rack
    ruby2_keywords (0.0.5)
    securerandom (0.2.2)
    sequel (5.65.0)
    sinatra (3.0.5)
      mustermann (~> 3.0)
      rack (~> 2.2, >= 2.2.4)
      rack-protection (= 3.0.5)
      tilt (~> 2.0)
    sqlite3 (1.6.1-x86_64-darwin)
    sqlite3 (1.6.1-x86_64-linux)
    tilt (2.1.0)

PLATFORMS
  x86_64-darwin-21
  x86_64-linux

DEPENDENCIES
  json (~> 2.6)
  openssl (~> 3.1)
  puma (~> 6.1)
  rack (~> 2.2)
  securerandom (~> 0.2)
  sequel (~> 5.65)
  sinatra (~> 3.0)
  sqlite3 (~> 1.6)

RUBY VERSION
   ruby 3.1.2p20

BUNDLED WITH
   2.3.24
